PATH
  remote: .
  specs:
    neo4j-admin (0.2.1-java)
      neo4j-community (>= 1.8.2, < 1.9)

GEM
  remote: https://rubygems.org/
  specs:
    neo4j-community (1.8.2-java)

PLATFORMS
  java

DEPENDENCIES
  neo4j-admin!
